GEM
  remote: https://rubygems.org/
  specs:
    chunky_png (1.4.0)
    color (1.8)
    diff-lcs (1.4.4)
    optparse (0.1.0)
    rspec (3.10.0)
      rspec-core (~> 3.10.0)
      rspec-expectations (~> 3.10.0)
      rspec-mocks (~> 3.10.0)
    rspec-core (3.10.1)
      rspec-support (~> 3.10.0)
    rspec-expectations (3.10.1)
      diff-lcs (>= 1.2.0, < 2.0)
      rspec-support (~> 3.10.0)
    rspec-mocks (3.10.2)
      diff-lcs (>= 1.2.0, < 2.0)
      rspec-support (~> 3.10.0)
    rspec-support (3.10.3)

PLATFORMS
  x86_64-linux

DEPENDENCIES
  chunky_png
  color (~> 1.8)
  optparse
  rspec

BUNDLED WITH
   2.2.22
